GEM
  remote: https://rubygems.org/
  specs:
    coderay (1.1.3)
    colorize (0.8.1)
    method_source (1.0.0)
    nokogiri (1.11.5-x86_64-linux)
      racc (~> 1.4)
    open-uri (0.1.0)
    pry (0.14.1)
      coderay (~> 1.1)
      method_source (~> 1.0)
    racc (1.5.2)
    require_all (3.0.0)

PLATFORMS
  x86_64-linux

DEPENDENCIES
  colorize
  nokogiri
  open-uri
  pry
  require_all

BUNDLED WITH
   2.2.15
